GIT
  remote: git@github.com:osyoyu/stackprof.git
  revision: 605f56165bb2ebcc425fca386587d5fe8a174911
  specs:
    stackprof (0.2.12)

GEM
  remote: https://rubygems.org/
  specs:
    backports (3.15.0)
    bcrypt (3.1.13)
    byebug (11.1.3)
    debugger-ruby_core_source (1.3.8)
    multi_json (1.13.1)
    mustermann (1.1.1)
      ruby2_keywords (~> 0.0.1)
    mysql2 (0.5.2)
    mysql2-cs-bind (0.0.7)
      mysql2
    newrelic_rpm (6.12.0.367)
    nio4r (2.5.1)
    oj (3.10.14)
    puma (4.1.0)
      nio4r (~> 2.0)
    rack (2.2.3)
    rack-lineprof (0.0.4)
      rack (>= 1.5)
      rblineprof (~> 0.3.6)
      term-ansicolor (~> 1.3)
    rack-protection (2.0.7)
      rack
    rblineprof (0.3.7)
      debugger-ruby_core_source (~> 1.3)
    ruby2_keywords (0.0.2)
    sinatra (2.0.7)
      mustermann (~> 1.0)
      rack (~> 2.0)
      rack-protection (= 2.0.7)
      tilt (~> 2.0)
    sinatra-contrib (2.0.7)
      backports (>= 2.8.2)
      multi_json
      mustermann (~> 1.0)
      rack-protection (= 2.0.7)
      sinatra (= 2.0.7)
      tilt (~> 2.0)
    sync (0.5.0)
    term-ansicolor (1.7.1)
      tins (~> 1.0)
    tilt (2.0.10)
    tins (1.25.0)
      sync

PLATFORMS
  ruby

DEPENDENCIES
  bcrypt
  byebug
  mysql2
  mysql2-cs-bind
  newrelic_rpm
  oj
  puma
  rack-lineprof
  sinatra
  sinatra-contrib
  stackprof!

BUNDLED WITH
   2.1.4
